GIT
  remote: https://github.com/Vizzuality/sequel-rails.git
  revision: f61f914b55ff1c3f31a47516f6ffb1fb9409d067
  specs:
    vizzuality-sequel-rails (0.3.7)
      railties (~> 3.2.0)
      sequel (~> 3.28)

GEM
  remote: http://rubygems.org/
  specs:
    actionmailer (3.2.2)
      actionpack (= 3.2.2)
      mail (~> 2.4.0)
    actionpack (3.2.2)
      activemodel (= 3.2.2)
      activesupport (= 3.2.2)
      builder (~> 3.0.0)
      erubis (~> 2.7.0)
      journey (~> 1.0.1)
      rack (~> 1.4.0)
      rack-cache (~> 1.1)
      rack-test (~> 0.6.1)
      sprockets (~> 2.1.2)
    activemodel (3.2.2)
      activesupport (= 3.2.2)
      builder (~> 3.0.0)
    activerecord (3.2.2)
      activemodel (= 3.2.2)
      activesupport (= 3.2.2)
      arel (~> 3.0.2)
      tzinfo (~> 0.3.29)
    activeresource (3.2.2)
      activemodel (= 3.2.2)
      activesupport (= 3.2.2)
    activesupport (3.2.2)
      i18n (~> 0.6)
      multi_json (~> 1.0)
    addressable (2.3.2)
    aequitas (0.0.2)
    arel (3.0.2)
    autoparse (0.3.3)
      addressable (>= 2.3.1)
      extlib (>= 0.9.15)
      multi_json (>= 1.0.0)
    aws-sdk (1.8.5)
      json (~> 1.4)
      nokogiri (>= 1.4.4)
      uuidtools (~> 2.1)
    axiom-types (0.0.5)
      descendants_tracker (~> 0.0.1)
      ice_nine (~> 0.9)
    backports (3.6.0)
    bartt-ssl_requirement (1.4.2)
    builder (3.0.0)
    capybara (1.1.2)
      mime-types (>= 1.16)
      nokogiri (>= 1.3.3)
      rack (>= 1.0.0)
      rack-test (>= 0.5.4)
      selenium-webdriver (~> 2.0)
      xpath (~> 0.1.4)
    charlock_holmes (0.6.9.4)
    childprocess (0.5.1)
      ffi (~> 1.0, >= 1.0.11)
    chronic (0.10.2)
    chunky_png (1.3.0)
    ci_reporter (1.9.0)
      builder (>= 2.1.2)
    coderay (1.0.9)
    coercible (0.2.0)
      backports (~> 3.0, >= 3.1.0)
      descendants_tracker (~> 0.0.1)
    columnize (0.8.9)
    compass (0.12.3)
      chunky_png (~> 1.2)
      fssm (>= 0.2.7)
      sass (= 3.2.14)
    daemons (1.1.9)
    dbf (2.0.6)
      fastercsv (~> 1.5.4)
    debugger (1.6.5)
      columnize (>= 0.3.1)
      debugger-linecache (~> 1.2.0)
      debugger-ruby_core_source (~> 1.3.1)
    debugger-linecache (1.2.0)
    debugger-ruby_core_source (1.3.5)
    delorean (2.1.0)
      chronic
    descendants_tracker (0.0.3)
    diff-lcs (1.1.3)
    dropbox-sdk (1.6.3)
      json
    ejs (1.1.1)
    em-pg-client (0.2.1)
      eventmachine (>= 0.12.10)
      pg (>= 0.13.2)
    equalizer (0.0.9)
    erubis (2.7.0)
    escape (0.0.4)
    ethon (0.6.3)
      ffi (>= 1.3.0)
      mime-types (~> 1.18)
    eventmachine (1.0.3)
    execjs (0.4.0)
      multi_json (~> 1.0)
    extlib (0.9.16)
    factory_girl (4.0.0)
      activesupport (>= 3.0.0)
    factory_girl_rails (4.0.0)
      factory_girl (~> 4.0.0)
      railties (>= 3.0.0)
    faraday (0.9.0)
      multipart-post (>= 1.2, < 3)
    fastercsv (1.5.5)
    faye-websocket (0.4.7)
      eventmachine (>= 0.12.0)
    ffi (1.6.0)
    foreman (0.46.0)
      thor (>= 0.13.6)
    formatador (0.2.4)
    fssm (0.2.10)
    google-api-client (0.7.0)
      addressable (>= 2.3.2)
      autoparse (>= 0.3.3)
      extlib (>= 0.9.15)
      faraday (>= 0.9.0)
      jwt (>= 0.1.5)
      launchy (>= 2.1.1)
      multi_json (>= 1.0.0)
      signet (>= 0.5.0)
      uuidtools (>= 2.1.0)
    google-spreadsheet-ruby (0.1.8)
      nokogiri (>= 1.4.3.1)
      oauth (>= 0.3.6)
      oauth2 (>= 0.5.0)
    guard (1.8.1)
      formatador (>= 0.2.4)
      listen (>= 1.0.0)
      lumberjack (>= 1.0.2)
      pry (>= 0.9.10)
      thor (>= 0.14.6)
    hike (1.2.3)
    htmlentities (4.3.1)
    http_parser.rb (0.5.3)
    httparty (0.9.0)
      multi_json (~> 1.0)
      multi_xml
    i18n (0.6.9)
    ice_nine (0.11.0)
    journey (1.0.4)
    json (1.8.1)
    jwt (0.1.11)
      multi_json (>= 1.5)
    kgio (2.9.1)
    launchy (2.4.2)
      addressable (~> 2.3)
    libv8 (3.16.14.3)
    listen (1.2.2)
      rb-fsevent (>= 0.9.3)
      rb-inotify (>= 0.9)
    lumberjack (1.0.4)
    mail (2.4.4)
      i18n (>= 0.4.0)
      mime-types (~> 1.16)
      treetop (~> 1.4.8)
    metaclass (0.0.4)
    method_source (0.8.2)
    mime-types (1.25.1)
    mini_portile (0.5.2)
    mixpanel (4.0.2)
      escape
      json
      rack
    mocha (0.10.5)
      metaclass (~> 0.0.1)
    multi_json (1.8.2)
    multi_xml (0.5.4)
    multipart-post (1.2.0)
    nokogiri (1.6.0)
      mini_portile (~> 0.5.0)
    oauth (0.4.5)
    oauth-plugin (0.4.0.pre4)
      oauth (>= 0.4.4)
    oauth2 (0.9.3)
      faraday (>= 0.8, < 0.10)
      jwt (~> 0.1.8)
      multi_json (~> 1.3)
      multi_xml (~> 0.5)
      rack (~> 1.2)
    parallel (0.7.1)
    parallel_tests (0.15.0)
      parallel
    pg (0.13.2)
    poltergeist (1.0.3)
      capybara (~> 1.1)
      childprocess (~> 0.3)
      faye-websocket (~> 0.4.4)
      http_parser.rb (~> 0.5.3)
      multi_json (~> 1.0)
    polyglot (0.3.4)
    pry (0.9.12.6)
      coderay (~> 1.0)
      method_source (~> 0.8)
      slop (~> 3.4)
    rack (1.4.1)
    rack-cache (1.2)
      rack (>= 0.4)
    rack-protection (1.5.2)
      rack
    rack-reverse-proxy (0.4.4)
      rack (>= 1.0.0)
    rack-ssl (1.3.3)
      rack
    rack-test (0.6.2)
      rack (>= 1.0)
    rails (3.2.2)
      actionmailer (= 3.2.2)
      actionpack (= 3.2.2)
      activerecord (= 3.2.2)
      activeresource (= 3.2.2)
      activesupport (= 3.2.2)
      bundler (~> 1.0)
      railties (= 3.2.2)
    rails_warden (0.5.2)
      warden
    railties (3.2.2)
      actionpack (= 3.2.2)
      activesupport (= 3.2.2)
      rack-ssl (~> 1.3.2)
      rake (>= 0.8.7)
      rdoc (~> 3.4)
      thor (~> 0.14.6)
    raindrops (0.12.0)
    rake (0.9.2.2)
    rb-fchange (0.0.6)
      ffi
    rb-fsevent (0.9.4)
    rb-inotify (0.9.0)
      ffi (>= 0.5.0)
    rb-readline (0.5.1)
    rchardet19 (1.3.5)
    rdoc (3.12.2)
      json (~> 1.4)
    redcarpet (3.1.1)
    redis (2.2.2)
    redis-namespace (1.1.1)
      redis (< 3.0.0)
    ref (1.0.5)
    resque (1.23.0)
      multi_json (~> 1.0)
      redis-namespace (~> 1.0)
      sinatra (>= 0.9.2)
      vegas (~> 0.1.2)
    retriable (1.4.1)
    rollbar (0.12.12)
      multi_json (~> 1.3)
    roo (1.13.2)
      nokogiri
      rubyzip
      spreadsheet (> 0.6.4)
    rspec (2.10.0)
      rspec-core (~> 2.10.0)
      rspec-expectations (~> 2.10.0)
      rspec-mocks (~> 2.10.0)
    rspec-core (2.10.1)
    rspec-expectations (2.10.0)
      diff-lcs (~> 1.1.3)
    rspec-mocks (2.10.1)
    rspec-rails (2.10.1)
      actionpack (>= 3.0)
      activesupport (>= 3.0)
      railties (>= 3.0)
      rspec (~> 2.10.0)
    ruby-ole (1.2.11.3)
    rubyzip (0.9.9)
    sass (3.2.14)
    selenium-webdriver (2.31.0)
      childprocess (>= 0.2.5)
      multi_json (~> 1.0)
      rubyzip (< 1.0.0)
      websocket (~> 1.0.4)
    sequel (3.42.0)
    sequel_pg (1.6.3)
      pg (>= 0.8.0)
      sequel (>= 3.39.0)
    signet (0.5.0)
      addressable (>= 2.2.3)
      faraday (>= 0.9.0.rc5)
      jwt (>= 0.1.5)
      multi_json (>= 1.0.0)
    sinatra (1.3.4)
      rack (~> 1.4)
      rack-protection (~> 1.3)
      tilt (~> 1.3, >= 1.3.3)
    slop (3.4.7)
    spreadsheet (0.6.5.9)
      ruby-ole (>= 1.0)
    sprockets (2.1.3)
      hike (~> 1.2)
      rack (~> 1.0)
      tilt (~> 1.1, != 1.3.0)
    sqlite3 (1.3.7)
    state_machine (1.1.2)
    statsd-client (0.0.7)
    therubyracer (0.12.1)
      libv8 (~> 3.16.14.0)
      ref
    thin (1.5.1)
      daemons (>= 1.0.9)
      eventmachine (>= 1.0.0)
      rack (>= 1.0.0)
    thor (0.14.6)
    tilt (1.4.1)
    treetop (1.4.15)
      polyglot
      polyglot (>= 0.3.1)
    typhoeus (0.6.7)
      ethon (~> 0.6.2)
    tzinfo (0.3.37)
    unicorn (4.8.2)
      kgio (~> 2.6)
      rack
      raindrops (~> 0.7)
    uuidtools (2.1.3)
    vegas (0.1.11)
      rack (>= 1.0.0)
    virtus (1.0.0.beta3)
      axiom-types (~> 0.0.3)
      coercible (~> 0.2)
      descendants_tracker (~> 0.0.1)
      equalizer (~> 0.0.7)
    warden (1.2.3)
      rack (>= 1.0)
    webrick (1.3.1)
    websocket (1.0.7)
    xpath (0.1.4)
      nokogiri (~> 1.3)
    yajl-ruby (1.1.0)

PLATFORMS
  ruby

DEPENDENCIES
  addressable (= 2.3.2)
  aequitas (= 0.0.2)
  aws-sdk (= 1.8.5)
  bartt-ssl_requirement (~> 1.4.0)
  builder (= 3.0.0)
  capybara (= 1.1.2)
  charlock_holmes (= 0.6.9.4)
  ci_reporter
  compass (= 0.12.3)
  dbf (= 2.0.6)
  debugger (= 1.6.5)
  delorean
  dropbox-sdk (= 1.6.3)
  ejs (~> 1.1.1)
  em-pg-client (= 0.2.1)
  eventmachine (= 1.0.3)
  execjs (~> 0.4)
  factory_girl_rails (~> 4.0.0)
  faraday (= 0.9.0)
  foreman (= 0.46.0)
  google-api-client (= 0.7.0)
  google-spreadsheet-ruby (= 0.1.8)
  guard (= 1.8.1)
  htmlentities (= 4.3.1)
  httparty (= 0.9)
  mixpanel (= 4.0.2)
  mocha (= 0.10.5)
  nokogiri (= 1.6.0)
  oauth (= 0.4.5)
  oauth-plugin (= 0.4.0.pre4)
  parallel_tests
  pg (= 0.13.2)
  poltergeist (>= 1.0.0)
  rack (= 1.4.1)
  rack-reverse-proxy (= 0.4.4)
  rack-test (= 0.6.2)
  rails (= 3.2.2)
  rails_warden (= 0.5.2)
  raindrops (= 0.12.0)
  rake (= 0.9.2.2)
  rb-fchange
  rb-fsevent
  rb-inotify (= 0.9.0)
  rb-readline
  rchardet19 (= 1.3.5)
  redcarpet (= 3.1.1)
  redis (= 2.2.2)
  resque (= 1.23.0)
  retriable (= 1.4.1)
  rollbar (= 0.12.12)
  roo (= 1.13.2)
  rspec-rails (= 2.10.1)
  ruby-ole (= 1.2.11.3)
  rubyzip (= 0.9.9)
  selenium-webdriver (>= 2.5.0)
  sequel (= 3.42.0)
  sequel_pg (= 1.6.3)
  sinatra (= 1.3.4)
  spreadsheet (= 0.6.5.9)
  sqlite3 (= 1.3.7)
  state_machine (= 1.1.2)
  statsd-client (= 0.0.7)
  therubyracer (= 0.12.1)
  thin
  typhoeus (= 0.6.7)
  unicorn (= 4.8.2)
  uuidtools (= 2.1.3)
  virtus (= 1.0.0.beta3)
  vizzuality-sequel-rails (= 0.3.7)!
  webrick (= 1.3.1)
  yajl-ruby (= 1.1.0)
