GIT
  remote: https://github.com/CartoDB/oauth-plugin.git
  revision: f7b7137bb9b502a9ffeb30a562dd070a116b1d86
  branch: cartodb
  specs:
    oauth-plugin (0.4.0.pre4)
      oauth (>= 0.4.4)

GIT
  remote: https://github.com/kuldeepaggarwal/fake_net_ldap.git
  revision: d99f2fcf13b9737a150f869fe9b9fbc0d788aa3f
  branch: fix-responder
  specs:
    fake_net_ldap (0.0.1)
      net-ldap

GEM
  remote: http://rubygems.org/
  specs:
    actionmailer (4.2.10)
      actionpack (= 4.2.10)
      actionview (= 4.2.10)
      activejob (= 4.2.10)
      mail (~> 2.5, >= 2.5.4)
      rails-dom-testing (~> 1.0, >= 1.0.5)
    actionpack (4.2.10)
      actionview (= 4.2.10)
      activesupport (= 4.2.10)
      rack (~> 1.6)
      rack-test (~> 0.6.2)
      rails-dom-testing (~> 1.0, >= 1.0.5)
      rails-html-sanitizer (~> 1.0, >= 1.0.2)
    actionview (4.2.10)
      activesupport (= 4.2.10)
      builder (~> 3.1)
      erubis (~> 2.7.0)
      rails-dom-testing (~> 1.0, >= 1.0.5)
      rails-html-sanitizer (~> 1.0, >= 1.0.3)
    activejob (4.2.10)
      activesupport (= 4.2.10)
      globalid (>= 0.3.0)
    activemodel (4.2.10)
      activesupport (= 4.2.10)
      builder (~> 3.1)
    activerecord (4.2.10)
      activemodel (= 4.2.10)
      activesupport (= 4.2.10)
      arel (~> 6.0)
    activerecord-nulldb-adapter (0.3.1)
      activerecord (>= 2.0.0)
    activerecord-postgresql-adapter (0.0.1)
      pg
    activesupport (4.2.10)
      i18n (~> 0.7)
      minitest (~> 5.1)
      thread_safe (~> 0.3, >= 0.3.4)
      tzinfo (~> 1.1)
    addressable (2.3.2)
    analytics-ruby (2.0.13)
    arel (6.0.4)
    autoparse (0.3.3)
      addressable (>= 2.3.1)
      extlib (>= 0.9.15)
      multi_json (>= 1.0.0)
    aws-partitions (1.77.0)
    aws-sdk-core (3.19.0)
      aws-partitions (~> 1.0)
      aws-sigv4 (~> 1.0)
      jmespath (~> 1.0)
    aws-sdk-kms (1.5.0)
      aws-sdk-core (~> 3)
      aws-sigv4 (~> 1.0)
    aws-sdk-s3 (1.9.0)
      aws-sdk-core (~> 3)
      aws-sdk-kms (~> 1)
      aws-sigv4 (~> 1.0)
    aws-sigv4 (1.0.2)
    axiom-types (0.1.1)
      descendants_tracker (~> 0.0.4)
      ice_nine (~> 0.11.0)
      thread_safe (~> 0.3, >= 0.3.1)
    builder (3.2.3)
    byebug (8.2.2)
    capybara (1.1.2)
      mime-types (>= 1.16)
      nokogiri (>= 1.3.3)
      rack (>= 1.0.0)
      rack-test (>= 0.5.4)
      selenium-webdriver (~> 2.0)
      xpath (~> 0.1.4)
    charlock_holmes (0.7.6)
    childprocess (0.5.9)
      ffi (~> 1.0, >= 1.0.11)
    chronic (0.10.2)
    chunky_png (1.3.5)
    ci_reporter (1.8.4)
      builder (>= 2.1.2)
    coercible (1.0.0)
      descendants_tracker (~> 0.0.1)
    compass (1.0.3)
      chunky_png (~> 1.2)
      compass-core (~> 1.0.2)
      compass-import-once (~> 1.0.5)
      rb-fsevent (>= 0.9.3)
      rb-inotify (>= 0.9)
      sass (>= 3.3.13, < 3.5)
    compass-core (1.0.3)
      multi_json (~> 1.0)
      sass (>= 3.3.0, < 3.5)
    compass-import-once (1.0.5)
      sass (>= 3.2, < 3.5)
    concurrent-ruby (1.0.5)
    crass (1.0.4)
    daemons (1.2.4)
    db-query-matchers (0.4.0)
    dbf (2.0.6)
      fastercsv (~> 1.5.4)
    delorean (2.1.0)
      chronic
    descendants_tracker (0.0.4)
      thread_safe (~> 0.3, >= 0.3.1)
    diff-lcs (1.1.3)
    docile (1.1.5)
    dropbox_api (0.1.6)
      faraday (~> 0.9, ~> 0.8)
      oauth2 (~> 1.1)
    ejs (1.1.1)
    em-pg-client (0.2.1)
      eventmachine (>= 0.12.10)
      pg (>= 0.13.2)
    equalizer (0.0.11)
    erubis (2.7.0)
    ethon (0.8.1)
      ffi (>= 1.3.0)
    eventmachine (1.0.4)
    execjs (0.4.0)
      multi_json (~> 1.0)
    extlib (0.9.16)
    factory_girl (4.0.0)
      activesupport (>= 3.0.0)
    factory_girl_rails (4.0.0)
      factory_girl (~> 4.0.0)
      railties (>= 3.0.0)
    faraday (0.9.0)
      multipart-post (>= 1.2, < 3)
    faraday_middleware (0.9.2)
      faraday (>= 0.7.4, < 0.10)
    fastercsv (1.5.5)
    faye-websocket (0.4.7)
      eventmachine (>= 0.12.0)
    ffi (1.9.25)
    gc_tracer (1.5.1)
    get_process_mem (0.2.0)
    gibbon (1.1.4)
      httparty
      multi_json (>= 1.3.4)
    globalid (0.4.1)
      activesupport (>= 4.2.0)
    google-api-client (0.7.0)
      addressable (>= 2.3.2)
      autoparse (>= 0.3.3)
      extlib (>= 0.9.15)
      faraday (>= 0.9.0)
      jwt (>= 0.1.5)
      launchy (>= 2.1.1)
      multi_json (>= 1.0.0)
      signet (>= 0.5.0)
      uuidtools (>= 2.1.0)
    hashie (3.4.3)
    hiredis (0.6.1)
    http_parser.rb (0.5.3)
    httparty (0.13.7)
      json (~> 1.8)
      multi_xml (>= 0.5.2)
    i18n (0.9.3)
      concurrent-ruby (~> 1.0)
    ice_nine (0.11.2)
    instagram (1.1.6)
      faraday (>= 0.7, < 0.10)
      faraday_middleware (>= 0.8, < 0.10)
      hashie (>= 0.4.0)
      multi_json (~> 1.0, >= 1.0.3)
    jmespath (1.4.0)
    json (1.8.6)
    json-schema (2.1.9)
    jwt (1.5.4)
    kgio (2.10.0)
    launchy (2.4.3)
      addressable (~> 2.3)
    loofah (2.2.2)
      crass (~> 1.0.2)
      nokogiri (>= 1.5.9)
    mail (2.7.0)
      mini_mime (>= 0.1.1)
    memory_profiler (0.9.6)
    metaclass (0.0.4)
    method_source (0.8.2)
    mime-types (3.1)
      mime-types-data (~> 3.2015)
    mime-types-data (3.2016.0521)
    mini_mime (1.0.0)
    mini_portile2 (2.3.0)
    minitest (5.11.3)
    mocha (1.1.0)
      metaclass (~> 0.0.1)
    mock_redis (0.16.0)
    mono_logger (1.1.0)
    msgpack (1.0.2)
    multi_json (1.12.1)
    multi_xml (0.5.5)
    multipart-post (2.0.0)
    net-ldap (0.16.0)
    net-telnet (0.1.1)
    nokogiri (1.8.4)
      mini_portile2 (~> 2.3.0)
    oauth (0.4.7)
    oauth2 (1.3.1)
      faraday (>= 0.8, < 0.12)
      jwt (~> 1.0)
      multi_json (~> 1.3)
      multi_xml (~> 0.5)
      rack (>= 1.2, < 3)
    pg (0.15.0)
    poltergeist (1.0.3)
      capybara (~> 1.1)
      childprocess (~> 0.3)
      faye-websocket (~> 0.4.4)
      http_parser.rb (~> 0.5.3)
      multi_json (~> 1.0)
    power_assert (0.2.7)
    protected_attributes (1.1.3)
      activemodel (>= 4.0.1, < 5.0)
    rack (1.6.10)
    rack-protection (1.5.5)
      rack
    rack-test (0.6.3)
      rack (>= 1.0)
    rails (4.2.10)
      actionmailer (= 4.2.10)
      actionpack (= 4.2.10)
      actionview (= 4.2.10)
      activejob (= 4.2.10)
      activemodel (= 4.2.10)
      activerecord (= 4.2.10)
      activesupport (= 4.2.10)
      bundler (>= 1.3.0, < 2.0)
      railties (= 4.2.10)
      sprockets-rails
    rails-deprecated_sanitizer (1.0.3)
      activesupport (>= 4.2.0.alpha)
    rails-dom-testing (1.0.9)
      activesupport (>= 4.2.0, < 5.0)
      nokogiri (~> 1.6)
      rails-deprecated_sanitizer (>= 1.0.1)
    rails-html-sanitizer (1.0.4)
      loofah (~> 2.2, >= 2.2.2)
    rails_warden (0.5.8)
      warden (>= 1.0.0)
    railties (4.2.10)
      actionpack (= 4.2.10)
      activesupport (= 4.2.10)
      rake (>= 0.8.7)
      thor (>= 0.18.1, < 2.0)
    raindrops (0.15.0)
    rake (0.9.2.2)
    rb-fsevent (0.9.7)
    rb-inotify (0.9.7)
      ffi (>= 0.5.0)
    rb-readline (0.5.5)
    rbtrace (0.4.8)
      ffi (>= 1.0.6)
      msgpack (>= 0.4.3)
      trollop (>= 1.16.2)
    redcarpet (3.3.3)
    redis (3.3.0)
    redis-namespace (1.5.2)
      redis (~> 3.0, >= 3.0.4)
    request_store (1.1.0)
    responders (2.3.0)
      railties (>= 4.2.0, < 5.1)
    resque (1.25.2)
      mono_logger (~> 1.0)
      multi_json (~> 1.0)
      redis-namespace (~> 1.3)
      sinatra (>= 0.9.2)
      vegas (~> 0.1.2)
    resque-metrics (0.1.1)
      resque (~> 1.19)
    retriable (1.4.1)
    rollbar (2.11.1)
      multi_json
    roo (1.13.2)
      nokogiri
      rubyzip
      spreadsheet (> 0.6.4)
    rotp (3.3.1)
    rqrcode (0.10.1)
      chunky_png (~> 1.0)
    rspec-core (2.12.2)
    rspec-expectations (2.12.1)
      diff-lcs (~> 1.1.3)
    rspec-mocks (2.12.2)
    rspec-rails (2.12.0)
      actionpack (>= 3.0)
      activesupport (>= 3.0)
      railties (>= 3.0)
      rspec-core (~> 2.12.0)
      rspec-expectations (~> 2.12.0)
      rspec-mocks (~> 2.12.0)
    ruby-ole (1.2.12)
    ruby-prof (0.15.1)
    ruby-saml (1.4.1)
      nokogiri (>= 1.5.10)
    rubyzip (1.2.2)
    sass (3.4.21)
    selenium-webdriver (2.52.0)
      childprocess (~> 0.5)
      multi_json (~> 1.0)
      rubyzip (~> 1.0)
      websocket (~> 1.0)
    sequel (3.44.0)
    sequel-rails (0.9.15)
      actionpack (>= 3.2.0)
      activemodel
      railties (>= 3.2.0)
      sequel (>= 3.28, < 5.0)
    sequel_pg (1.6.3)
      pg (>= 0.8.0)
      sequel (>= 3.39.0)
    signet (0.7.2)
      addressable (~> 2.3)
      faraday (~> 0.9)
      jwt (~> 1.5)
      multi_json (~> 1.10)
    simplecov (0.13.0)
      docile (~> 1.1.0)
      json (>= 1.8, < 3)
      simplecov-html (~> 0.10.0)
    simplecov-html (0.10.0)
    simplecov-json (0.2)
      json
      simplecov
    simplecov-rcov (0.2.3)
      simplecov (>= 0.4.1)
    sinatra (1.4.6)
      rack (~> 1.4)
      rack-protection (~> 1.4)
      tilt (>= 1.3, < 3)
    spreadsheet (1.1.1)
      ruby-ole (>= 1.0)
    sprockets (3.7.2)
      concurrent-ruby (~> 1.0)
      rack (> 1, < 3)
    sprockets-rails (3.2.1)
      actionpack (>= 4.0)
      activesupport (>= 4.0)
      sprockets (>= 3.0.0)
    state_machines (0.5.0)
    state_machines-activemodel (0.5.0)
      activemodel (>= 4.1, < 5.2)
      state_machines (>= 0.5.0)
    state_machines-activerecord (0.5.0)
      activerecord (>= 4.1, < 5.2)
      state_machines-activemodel (>= 0.5.0)
    statsd-client (0.0.7)
    test-unit (3.1.7)
      power_assert
    thin (1.7.2)
      daemons (~> 1.0, >= 1.0.9)
      eventmachine (~> 1.0, >= 1.0.4)
      rack (>= 1, < 3)
    thor (0.20.0)
    thread_safe (0.3.6)
    tilt (2.0.6)
    trollop (2.1.2)
    typhoeus (0.7.2)
      ethon (>= 0.7.4)
    tzinfo (1.2.4)
      thread_safe (~> 0.1)
    unicorn (4.8.2)
      kgio (~> 2.6)
      rack
      raindrops (~> 0.7)
    unicorn-worker-killer (0.4.4)
      get_process_mem (~> 0)
      unicorn (>= 4, < 6)
    uuidtools (2.1.5)
    values (1.8.0)
    vegas (0.1.11)
      rack (>= 1.0.0)
    virtus (1.0.5)
      axiom-types (~> 0.1)
      coercible (~> 1.0)
      descendants_tracker (~> 0.0, >= 0.0.3)
      equalizer (~> 0.0, >= 0.0.9)
    warden (1.2.6)
      rack (>= 1.0)
    webrick (1.3.1)
    websocket (1.2.2)
    xpath (0.1.4)
      nokogiri (~> 1.3)
    zeus (0.15.13)
      method_source (>= 0.6.7)

PLATFORMS
  ruby

DEPENDENCIES
  activerecord-nulldb-adapter (= 0.3.1)
  activerecord-postgresql-adapter
  addressable (= 2.3.2)
  analytics-ruby (~> 2.0.0)
  aws-sdk-s3 (~> 1)
  byebug
  capybara (= 1.1.2)
  charlock_holmes (= 0.7.6)
  ci_reporter (= 1.8.4)
  compass (= 1.0.3)
  db-query-matchers (= 0.4.0)
  dbf (= 2.0.6)
  delorean
  dropbox_api (= 0.1.6)
  ejs (~> 1.1.1)
  em-pg-client (= 0.2.1)
  eventmachine (= 1.0.4)
  execjs (~> 0.4)
  factory_girl_rails (~> 4.0.0)
  fake_net_ldap!
  faraday (= 0.9.0)
  gc_tracer (= 1.5.1)
  gibbon (= 1.1.4)
  google-api-client (= 0.7.0)
  hiredis (= 0.6.1)
  instagram (= 1.1.6)
  json-schema (= 2.1.9)
  memory_profiler
  mime-types (= 3.1)
  mocha (= 1.1.0)
  mock_redis
  net-ldap (= 0.16.0)
  net-telnet
  nokogiri (~> 1.8.2)
  oauth (= 0.4.7)
  oauth-plugin!
  pg (= 0.15.0)
  poltergeist (>= 1.0.0)
  protected_attributes
  rack
  rack-test (= 0.6.3)
  rails (= 4.2.10)
  rails_warden (= 0.5.8)
  raindrops (= 0.15.0)
  rake (= 0.9.2.2)
  rb-readline
  rbtrace (= 0.4.8)
  redcarpet (= 3.3.3)
  redis (= 3.3.0)
  request_store (= 1.1.0)
  responders (~> 2.0)
  resque (= 1.25.2)
  resque-metrics (= 0.1.1)
  retriable (= 1.4.1)
  rollbar (~> 2.11.1)
  roo (= 1.13.2)
  rotp (~> 3.3, >= 3.3.1)
  rqrcode (~> 0.10.1)
  rspec-rails (= 2.12.0)
  ruby-prof (= 0.15.1)
  ruby-saml (= 1.4.1)
  selenium-webdriver (>= 2.5.0)
  sequel (= 3.44.0)
  sequel-rails (= 0.9.15)
  sequel_pg (= 1.6.3)
  simplecov (= 0.13.0)
  simplecov-json
  simplecov-rcov
  state_machines-activerecord (~> 0.5.0)
  statsd-client (= 0.0.7)
  test-unit
  thin
  typhoeus (= 0.7.2)
  unicorn (= 4.8.2)
  unicorn-worker-killer
  uuidtools (= 2.1.5)
  values (= 1.8.0)
  virtus (= 1.0.5)
  webrick (= 1.3.1)
  zeus

BUNDLED WITH
   1.17.1
