GIT
  remote: https://github.com/CartoDB/oauth-plugin.git
  revision: f7b7137bb9b502a9ffeb30a562dd070a116b1d86
  branch: cartodb
  specs:
    oauth-plugin (0.4.0.pre4)
      oauth (>= 0.4.4)

GIT
  remote: https://github.com/cartodb/cartodb-common.git
  revision: f098950c5fee57686718fea112d198e6e5e3dfd9
  tag: v0.3.7
  specs:
    cartodb-common (0.3.6)
      activesupport (~> 4.2.11.3)
      argon2 (~> 2.0)

GIT
  remote: https://github.com/kuldeepaggarwal/fake_net_ldap.git
  revision: d99f2fcf13b9737a150f869fe9b9fbc0d788aa3f
  branch: fix-responder
  specs:
    fake_net_ldap (0.0.1)
      net-ldap

GEM
  remote: http://rubygems.org/
  specs:
    actionmailer (4.2.11.3)
      actionpack (= 4.2.11.3)
      actionview (= 4.2.11.3)
      activejob (= 4.2.11.3)
      mail (~> 2.5, >= 2.5.4)
      rails-dom-testing (~> 1.0, >= 1.0.5)
    actionpack (4.2.11.3)
      actionview (= 4.2.11.3)
      activesupport (= 4.2.11.3)
      rack (~> 1.6)
      rack-test (~> 0.6.2)
      rails-dom-testing (~> 1.0, >= 1.0.5)
      rails-html-sanitizer (~> 1.0, >= 1.0.2)
    actionview (4.2.11.3)
      activesupport (= 4.2.11.3)
      builder (~> 3.1)
      erubis (~> 2.7.0)
      rails-dom-testing (~> 1.0, >= 1.0.5)
      rails-html-sanitizer (~> 1.0, >= 1.0.3)
    activejob (4.2.11.3)
      activesupport (= 4.2.11.3)
      globalid (>= 0.3.0)
    activemodel (4.2.11.3)
      activesupport (= 4.2.11.3)
      builder (~> 3.1)
    activerecord (4.2.11.3)
      activemodel (= 4.2.11.3)
      activesupport (= 4.2.11.3)
      arel (~> 6.0)
    activerecord-nulldb-adapter (0.3.1)
      activerecord (>= 2.0.0)
    activerecord-postgresql-adapter (0.0.1)
      pg
    activesupport (4.2.11.3)
      i18n (~> 0.7)
      minitest (~> 5.1)
      thread_safe (~> 0.3, >= 0.3.4)
      tzinfo (~> 1.1)
    addressable (2.7.0)
      public_suffix (>= 2.0.2, < 5.0)
    analytics-ruby (2.0.13)
    arel (6.0.4)
    argon2 (2.0.2)
      ffi (~> 1.9)
      ffi-compiler (>= 0.1)
    ast (2.4.1)
    avro (1.10.0)
      multi_json (~> 1)
    aws-eventstream (1.0.3)
    aws-partitions (1.286.0)
    aws-sdk-acmpca (1.22.0)
      aws-sdk-core (~> 3, >= 3.71.0)
      aws-sigv4 (~> 1.1)
    aws-sdk-core (3.104.3)
      aws-eventstream (~> 1, >= 1.0.2)
      aws-partitions (~> 1, >= 1.239.0)
      aws-sigv4 (~> 1.1)
      jmespath (~> 1.0)
    aws-sdk-kms (1.36.0)
      aws-sdk-core (~> 3, >= 3.99.0)
      aws-sigv4 (~> 1.1)
    aws-sdk-s3 (1.76.0)
      aws-sdk-core (~> 3, >= 3.104.1)
      aws-sdk-kms (~> 1)
      aws-sigv4 (~> 1.1)
    aws-sigv4 (1.2.1)
      aws-eventstream (~> 1, >= 1.0.2)
    axiom-types (0.1.1)
      descendants_tracker (~> 0.0.4)
      ice_nine (~> 0.11.0)
      thread_safe (~> 0.3, >= 0.3.1)
    builder (3.2.4)
    byebug (11.1.3)
    capybara (2.18.0)
      addressable
      mini_mime (>= 0.1.3)
      nokogiri (>= 1.3.3)
      rack (>= 1.0.0)
      rack-test (>= 0.5.4)
      xpath (>= 2.0, < 4.0)
    charlock_holmes (0.7.6)
    childprocess (3.0.0)
    chronic (0.10.2)
    chunky_png (1.3.12)
    ci_reporter (1.8.4)
      builder (>= 2.1.2)
    cliver (0.3.2)
    coderay (1.1.3)
    coercible (1.0.0)
      descendants_tracker (~> 0.0.1)
    compass (1.0.3)
      chunky_png (~> 1.2)
      compass-core (~> 1.0.2)
      compass-import-once (~> 1.0.5)
      rb-fsevent (>= 0.9.3)
      rb-inotify (>= 0.9)
      sass (>= 3.3.13, < 3.5)
    compass-core (1.0.3)
      multi_json (~> 1.0)
      sass (>= 3.3.0, < 3.5)
    compass-import-once (1.0.5)
      sass (>= 3.2, < 3.5)
    concurrent-ruby (1.1.7)
    coverband (5.0.0)
      redis
    crass (1.0.6)
    daemons (1.3.1)
    db-query-matchers (0.4.0)
    dbf (2.0.6)
      fastercsv (~> 1.5.4)
    declarative (0.0.20)
    declarative-option (0.1.0)
    delorean (2.1.0)
      chronic
    descendants_tracker (0.0.4)
      thread_safe (~> 0.3, >= 0.3.1)
    diff-lcs (1.1.3)
    docile (1.1.5)
    dropbox_api (0.1.17)
      faraday (>= 0.8, <= 0.15.4)
      oauth2 (~> 1.1)
    ejs (1.1.1)
    email_address (0.1.18)
      netaddr (>= 2.0.4, < 3)
      simpleidn
    equalizer (0.0.11)
    erubis (2.7.0)
    ethon (0.12.0)
      ffi (>= 1.3.0)
    eventmachine (1.2.7)
    execjs (0.4.0)
      multi_json (~> 1.0)
    factory_girl (4.0.0)
      activesupport (>= 3.0.0)
    factory_girl_rails (4.0.0)
      factory_girl (~> 4.0.0)
      railties (>= 3.0.0)
    faraday (0.15.4)
      multipart-post (>= 1.2, < 3)
    faraday_middleware (0.14.0)
      faraday (>= 0.7.4, < 1.0)
    fastercsv (1.5.5)
    ffi (1.13.1)
    ffi-compiler (1.0.1)
      ffi (>= 1.0.0)
      rake
    gapic-common (0.2.1)
      google-protobuf (~> 3.2)
      googleapis-common-protos (>= 1.3.9, < 2.0)
      googleapis-common-protos-types (>= 1.0.4, < 2.0)
      googleauth (~> 0.9)
      grpc (~> 1.25)
    gc_tracer (1.5.1)
    get_process_mem (0.2.5)
      ffi (~> 1.0)
    gibbon (1.1.4)
      httparty
      multi_json (>= 1.3.4)
    globalid (0.4.2)
      activesupport (>= 4.2.0)
    google-api-client (0.34.1)
      addressable (~> 2.5, >= 2.5.1)
      googleauth (~> 0.9)
      httpclient (>= 2.8.1, < 3.0)
      mini_mime (~> 1.0)
      representable (~> 3.0)
      retriable (>= 2.0, < 4.0)
      signet (~> 0.12)
    google-cloud-bigquery-storage-v1 (0.2.3)
      gapic-common (~> 0.2)
      google-cloud-errors (~> 1.0)
    google-cloud-core (1.5.0)
      google-cloud-env (~> 1.0)
      google-cloud-errors (~> 1.0)
    google-cloud-env (1.3.0)
      faraday (~> 0.11)
    google-cloud-errors (1.0.1)
    google-cloud-pubsub (1.2.0)
      concurrent-ruby (~> 1.1)
      google-cloud-core (~> 1.2)
      google-gax (~> 1.8)
      googleapis-common-protos (>= 1.3.9, < 2.0)
      googleapis-common-protos-types (>= 1.0.4, < 2.0)
      grpc-google-iam-v1 (~> 0.6.9)
    google-gax (1.8.1)
      google-protobuf (~> 3.9)
      googleapis-common-protos (>= 1.3.9, < 2.0)
      googleauth (~> 0.9)
      grpc (~> 1.24)
      rly (~> 0.2.3)
    google-protobuf (3.12.4)
    googleapis-common-protos (1.3.10)
      google-protobuf (~> 3.11)
      googleapis-common-protos-types (>= 1.0.5, < 2.0)
      grpc (~> 1.27)
    googleapis-common-protos-types (1.0.5)
      google-protobuf (~> 3.11)
    googleauth (0.10.0)
      faraday (~> 0.12)
      jwt (>= 1.4, < 3.0)
      memoist (~> 0.16)
      multi_json (~> 1.11)
      os (>= 0.9, < 2.0)
      signet (~> 0.12)
    grpc (1.30.2)
      google-protobuf (~> 3.12)
      googleapis-common-protos-types (~> 1.0)
    grpc-google-iam-v1 (0.6.10)
      google-protobuf (~> 3.11)
      googleapis-common-protos (>= 1.3.10, < 2.0)
      grpc (~> 1.27)
    hashie (4.1.0)
    hiredis (0.6.3)
    httparty (0.18.1)
      mime-types (~> 3.0)
      multi_xml (>= 0.5.2)
    httpclient (2.8.3)
    i18n (0.9.5)
      concurrent-ruby (~> 1.0)
    ice_nine (0.11.2)
    instagram-continued-continued (1.5.0)
      faraday (~> 0.12)
      faraday_middleware
      hashie (>= 3.5.1)
      multi_json
    jmespath (1.4.0)
    json (2.3.1)
    json-schema (2.1.9)
    jwt (2.2.1)
    kgio (2.11.3)
    loofah (2.6.0)
      crass (~> 1.0.2)
      nokogiri (>= 1.5.9)
    mail (2.7.1)
      mini_mime (>= 0.1.1)
    memoist (0.16.2)
    memory_profiler (0.9.14)
    metaclass (0.0.4)
    method_source (1.0.0)
    mime-types (3.1)
      mime-types-data (~> 3.2015)
    mime-types-data (3.2020.0512)
    mini_mime (1.0.2)
    mini_portile2 (2.4.0)
    minitest (5.14.2)
    mocha (1.1.0)
      metaclass (~> 0.0.1)
    mock_redis (0.25.0)
    mono_logger (1.1.0)
    msgpack (1.3.3)
    multi_json (1.15.0)
    multi_xml (0.6.0)
    multipart-post (2.1.1)
    net-ldap (0.16.0)
    net-telnet (0.2.0)
    netaddr (2.0.4)
    nokogiri (1.10.10)
      mini_portile2 (~> 2.4.0)
    oauth (0.4.7)
    oauth2 (1.4.4)
      faraday (>= 0.8, < 2.0)
      jwt (>= 1.0, < 3.0)
      multi_json (~> 1.3)
      multi_xml (~> 0.5)
      rack (>= 1.2, < 3)
    os (1.1.1)
    parallel (1.19.2)
    parser (2.7.2.0)
      ast (~> 2.4.1)
    pg (0.20.0)
    poltergeist (1.18.1)
      capybara (>= 2.1, < 4)
      cliver (~> 0.3.1)
      websocket-driver (>= 0.2.0)
    power_assert (1.2.0)
    protected_attributes (1.1.4)
      activemodel (>= 4.0.1, < 5.0)
    pry (0.13.1)
      coderay (~> 1.1)
      method_source (~> 1.0)
    pry-byebug (3.9.0)
      byebug (~> 11.0)
      pry (~> 0.13.0)
    public_suffix (3.0.3)
    rack (1.6.13)
    rack-protection (1.5.5)
      rack
    rack-test (0.6.3)
      rack (>= 1.0)
    rails (4.2.11.3)
      actionmailer (= 4.2.11.3)
      actionpack (= 4.2.11.3)
      actionview (= 4.2.11.3)
      activejob (= 4.2.11.3)
      activemodel (= 4.2.11.3)
      activerecord (= 4.2.11.3)
      activesupport (= 4.2.11.3)
      bundler (>= 1.3.0, < 2.0)
      railties (= 4.2.11.3)
      sprockets-rails
    rails-deprecated_sanitizer (1.0.3)
      activesupport (>= 4.2.0.alpha)
    rails-dom-testing (1.0.9)
      activesupport (>= 4.2.0, < 5.0)
      nokogiri (~> 1.6)
      rails-deprecated_sanitizer (>= 1.0.1)
    rails-html-sanitizer (1.3.0)
      loofah (~> 2.3)
    rails_warden (0.5.8)
      warden (>= 1.0.0)
    railties (4.2.11.3)
      actionpack (= 4.2.11.3)
      activesupport (= 4.2.11.3)
      rake (>= 0.8.7)
      thor (>= 0.18.1, < 2.0)
    rainbow (3.0.0)
    raindrops (0.15.0)
    rake (0.9.2.2)
    rb-fsevent (0.10.4)
    rb-inotify (0.10.1)
      ffi (~> 1.0)
    rb-readline (0.5.5)
    rbtrace (0.4.8)
      ffi (>= 1.0.6)
      msgpack (>= 0.4.3)
      trollop (>= 1.16.2)
    redcarpet (3.3.3)
    redis (3.3.5)
    redis-namespace (1.7.0)
      redis (>= 3.0.4)
    regexp_parser (1.8.2)
    representable (3.0.4)
      declarative (< 0.1.0)
      declarative-option (< 0.2.0)
      uber (< 0.2.0)
    request_store (1.1.0)
    responders (2.4.1)
      actionpack (>= 4.2.0, < 6.0)
      railties (>= 4.2.0, < 6.0)
    resque (1.25.2)
      mono_logger (~> 1.0)
      multi_json (~> 1.0)
      redis-namespace (~> 1.3)
      sinatra (>= 0.9.2)
      vegas (~> 0.1.2)
    resque-metrics (0.1.1)
      resque (~> 1.19)
    retriable (3.1.2)
    rexml (3.2.4)
    rly (0.2.3)
    rollbar (2.11.5)
      multi_json
    roo (1.13.2)
      nokogiri
      rubyzip
      spreadsheet (> 0.6.4)
    rotp (3.3.1)
    rqrcode (0.10.1)
      chunky_png (~> 1.0)
    rspec-core (2.12.2)
    rspec-expectations (2.12.1)
      diff-lcs (~> 1.1.3)
    rspec-mocks (2.12.2)
    rspec-rails (2.12.0)
      actionpack (>= 3.0)
      activesupport (>= 3.0)
      railties (>= 3.0)
      rspec-core (~> 2.12.0)
      rspec-expectations (~> 2.12.0)
      rspec-mocks (~> 2.12.0)
    rubocop (0.93.1)
      parallel (~> 1.10)
      parser (>= 2.7.1.5)
      rainbow (>= 2.2.2, < 4.0)
      regexp_parser (>= 1.8)
      rexml
      rubocop-ast (>= 0.6.0)
      ruby-progressbar (~> 1.7)
      unicode-display_width (>= 1.4.0, < 2.0)
    rubocop-ast (1.1.0)
      parser (>= 2.7.1.5)
    rubocop-performance (1.8.1)
      rubocop (>= 0.87.0)
      rubocop-ast (>= 0.4.0)
    rubocop-rails (2.8.1)
      activesupport (>= 4.2.0)
      rack (>= 1.1)
      rubocop (>= 0.87.0)
    rubocop-rspec (1.43.2)
      rubocop (~> 0.87)
    ruby-ole (1.2.12.2)
    ruby-prof (1.4.1)
    ruby-progressbar (1.10.1)
    ruby-saml (1.7.0)
      nokogiri (>= 1.5.10)
    rubyzip (2.3.0)
    sass (3.4.25)
    selenium-webdriver (3.142.7)
      childprocess (>= 0.5, < 4.0)
      rubyzip (>= 1.2.2)
    sequel (4.45.0)
    sequel-rails (1.0.1)
      actionpack (>= 4.0.0)
      activemodel (>= 4.0.0)
      railties (>= 4.0.0)
      sequel (>= 3.28, < 6.0)
    sequel_pg (1.12.5)
      pg (>= 0.18.0, != 1.2.0)
      sequel (>= 4.38.0)
    signet (0.12.0)
      addressable (~> 2.3)
      faraday (~> 0.9)
      jwt (>= 1.5, < 3.0)
      multi_json (~> 1.10)
    simplecov (0.13.0)
      docile (~> 1.1.0)
      json (>= 1.8, < 3)
      simplecov-html (~> 0.10.0)
    simplecov-html (0.10.2)
    simplecov-json (0.2.1)
      json
      simplecov
    simplecov-rcov (0.2.3)
      simplecov (>= 0.4.1)
    simpleidn (0.1.1)
      unf (~> 0.1.4)
    sinatra (1.4.8)
      rack (~> 1.5)
      rack-protection (~> 1.4)
      tilt (>= 1.3, < 3)
    spreadsheet (1.2.6)
      ruby-ole (>= 1.0)
    sprockets (3.7.2)
      concurrent-ruby (~> 1.0)
      rack (> 1, < 3)
    sprockets-rails (3.2.1)
      actionpack (>= 4.0)
      activesupport (>= 4.0)
      sprockets (>= 3.0.0)
    state_machines (0.5.0)
    state_machines-activemodel (0.7.1)
      activemodel (>= 4.1)
      state_machines (>= 0.5.0)
    state_machines-activerecord (0.5.2)
      activerecord (>= 4.1, < 6.0)
      state_machines-activemodel (>= 0.5.0)
    statsd-client (0.0.7)
    sys_cmd (1.1.3)
      os (>= 0.9.6)
    test-unit (3.3.6)
      power_assert
    thin (1.7.2)
      daemons (~> 1.0, >= 1.0.9)
      eventmachine (~> 1.0, >= 1.0.4)
      rack (>= 1, < 3)
    thor (1.0.1)
    thread_safe (0.3.6)
    tilt (2.0.10)
    trollop (2.9.10)
    typhoeus (1.3.1)
      ethon (>= 0.9.0)
    tzinfo (1.2.7)
      thread_safe (~> 0.1)
    uber (0.1.0)
    unf (0.1.4)
      unf_ext
    unf_ext (0.0.7.7)
    unicode-display_width (1.7.0)
    unicorn (4.8.2)
      kgio (~> 2.6)
      rack
      raindrops (~> 0.7)
    unicorn-worker-killer (0.4.4)
      get_process_mem (~> 0)
      unicorn (>= 4, < 6)
    values (1.8.0)
    vegas (0.1.11)
      rack (>= 1.0.0)
    virtus (1.0.5)
      axiom-types (~> 0.1)
      coercible (~> 1.0)
      descendants_tracker (~> 0.0, >= 0.0.3)
      equalizer (~> 0.0, >= 0.0.9)
    warden (1.2.7)
      rack (>= 1.0)
    webrick (1.3.1)
    websocket-driver (0.7.3)
      websocket-extensions (>= 0.1.0)
    websocket-extensions (0.1.5)
    xpath (3.2.0)
      nokogiri (~> 1.8)
    zeus (0.15.14)
      method_source (>= 0.6.7)

PLATFORMS
  ruby

DEPENDENCIES
  activerecord-nulldb-adapter (= 0.3.1)
  activerecord-postgresql-adapter
  addressable (~> 2.5)
  analytics-ruby (~> 2.0.0)
  avro (~> 1.10.0)
  aws-sdk-acmpca (~> 1)
  aws-sdk-s3 (~> 1)
  byebug
  capybara (= 2.18.0)
  cartodb-common!
  charlock_holmes (= 0.7.6)
  ci_reporter (= 1.8.4)
  compass (= 1.0.3)
  coverband
  db-query-matchers (= 0.4.0)
  dbf (= 2.0.6)
  delorean
  dropbox_api (= 0.1.17)
  ejs (~> 1.1.1)
  email_address (~> 0.1.11)
  execjs (~> 0.4)
  factory_girl_rails (~> 4.0.0)
  fake_net_ldap!
  gc_tracer (= 1.5.1)
  gibbon (= 1.1.4)
  google-api-client (= 0.34.1)
  google-cloud-bigquery-storage-v1 (~> 0.2.3)
  google-cloud-pubsub (= 1.2.0)
  hiredis (~> 0.6.1)
  instagram-continued-continued
  json-schema (= 2.1.9)
  memory_profiler
  mime-types (= 3.1)
  mocha (= 1.1.0)
  mock_redis
  net-ldap (= 0.16.0)
  net-telnet
  nokogiri (~> 1.10)
  oauth (= 0.4.7)
  oauth-plugin!
  pg (= 0.20.0)
  poltergeist (= 1.18.1)
  protected_attributes
  pry-byebug (= 3.9.0)
  rack
  rack-test (= 0.6.3)
  rails (= 4.2.11.3)
  rails_warden (= 0.5.8)
  raindrops (= 0.15.0)
  rake (= 0.9.2.2)
  rb-readline
  rbtrace (= 0.4.8)
  redcarpet (= 3.3.3)
  redis (~> 3.3.5)
  request_store (= 1.1.0)
  responders (~> 2.0)
  resque (= 1.25.2)
  resque-metrics (= 0.1.1)
  rollbar (~> 2.11.1)
  roo (= 1.13.2)
  rotp (~> 3.3, >= 3.3.1)
  rqrcode (~> 0.10.1)
  rspec-rails (= 2.12.0)
  rubocop (~> 0.93)
  rubocop-performance
  rubocop-rails
  rubocop-rspec
  ruby-prof (= 1.4.1)
  ruby-saml (= 1.7.0)
  rubyzip (>= 2.0.0)
  selenium-webdriver (>= 2.5.0)
  sequel (~> 4.45.0)
  sequel-rails (~> 1.0.1)
  sequel_pg (~> 1.12.0)
  simplecov (= 0.13.0)
  simplecov-json
  simplecov-rcov
  sprockets (= 3.7.2)
  state_machines-activerecord (~> 0.5.0)
  statsd-client (= 0.0.7)
  sys_cmd (>= 1.1.3)
  test-unit
  thin
  typhoeus (= 1.3.1)
  unicorn (= 4.8.2)
  unicorn-worker-killer
  values (= 1.8.0)
  virtus (= 1.0.5)
  webrick (= 1.3.1)
  zeus

BUNDLED WITH
   1.17.3
