GIT
  remote: https://github.com/Vizzuality/sequel-rails.git
  revision: f61f914b55ff1c3f31a47516f6ffb1fb9409d067
  specs:
    vizzuality-sequel-rails (0.3.7)
      railties (~> 3.2.0)
      sequel (~> 3.28)

GEM
  remote: http://rubygems.org/
  specs:
    actionmailer (3.2.20)
      actionpack (= 3.2.20)
      mail (~> 2.5.4)
    actionpack (3.2.20)
      activemodel (= 3.2.20)
      activesupport (= 3.2.20)
      builder (~> 3.0.0)
      erubis (~> 2.7.0)
      journey (~> 1.0.4)
      rack (~> 1.4.5)
      rack-cache (~> 1.2)
      rack-test (~> 0.6.1)
      sprockets (~> 2.2.1)
    activemodel (3.2.20)
      activesupport (= 3.2.20)
      builder (~> 3.0.0)
    activerecord (3.2.20)
      activemodel (= 3.2.20)
      activesupport (= 3.2.20)
      arel (~> 3.0.2)
      tzinfo (~> 0.3.29)
    activerecord-nulldb-adapter (0.3.1)
      activerecord (>= 2.0.0)
    activerecord-postgres-array (0.0.10)
      activerecord
    activerecord-postgresql-adapter (0.0.1)
      pg
    activeresource (3.2.20)
      activemodel (= 3.2.20)
      activesupport (= 3.2.20)
    activesupport (3.2.20)
      i18n (~> 0.6, >= 0.6.4)
      multi_json (~> 1.0)
    addressable (2.3.2)
    aequitas (0.0.2)
    arel (3.0.3)
    autoparse (0.3.3)
      addressable (>= 2.3.1)
      extlib (>= 0.9.15)
      multi_json (>= 1.0.0)
    aws-sdk (1.8.5)
      json (~> 1.4)
      nokogiri (>= 1.4.4)
      uuidtools (~> 2.1)
    axiom-types (0.0.5)
      descendants_tracker (~> 0.0.1)
      ice_nine (~> 0.9)
    backports (3.6.4)
    bartt-ssl_requirement (1.4.2)
    builder (3.0.4)
    capybara (1.1.2)
      mime-types (>= 1.16)
      nokogiri (>= 1.3.3)
      rack (>= 1.0.0)
      rack-test (>= 0.5.4)
      selenium-webdriver (~> 2.0)
      xpath (~> 0.1.4)
    charlock_holmes (0.7.2)
    childprocess (0.5.6)
      ffi (~> 1.0, >= 1.0.11)
    chronic (0.10.2)
    chunky_png (1.3.4)
    ci_reporter (1.8.4)
      builder (>= 2.1.2)
    coercible (0.2.0)
      backports (~> 3.0, >= 3.1.0)
      descendants_tracker (~> 0.0.1)
    columnize (0.9.0)
    compass (0.12.3)
      chunky_png (~> 1.2)
      fssm (>= 0.2.7)
      sass (= 3.2.14)
    daemons (1.2.2)
    db-query-matchers (0.4.0)
    dbf (2.0.6)
      fastercsv (~> 1.5.4)
    debugger (1.6.8)
      columnize (>= 0.3.1)
      debugger-linecache (~> 1.2.0)
      debugger-ruby_core_source (~> 1.3.5)
    debugger-linecache (1.2.0)
    debugger-ruby_core_source (1.3.8)
    delorean (2.1.0)
      chronic
    descendants_tracker (0.0.4)
      thread_safe (~> 0.3, >= 0.3.1)
    diff-lcs (1.1.3)
    dropbox-sdk (1.6.3)
      json
    ejs (1.1.1)
    em-pg-client (0.2.1)
      eventmachine (>= 0.12.10)
      pg (>= 0.13.2)
    equalizer (0.0.11)
    erubis (2.7.0)
    escape (0.0.4)
    ethon (0.6.3)
      ffi (>= 1.3.0)
      mime-types (~> 1.18)
    eventmachine (1.0.3)
    execjs (0.4.0)
      multi_json (~> 1.0)
    extlib (0.9.16)
    factory_girl (4.0.0)
      activesupport (>= 3.0.0)
    factory_girl_rails (4.0.0)
      factory_girl (~> 4.0.0)
      railties (>= 3.0.0)
    faraday (0.9.0)
      multipart-post (>= 1.2, < 3)
    faraday_middleware (0.9.1)
      faraday (>= 0.7.4, < 0.10)
    fastercsv (1.5.5)
    faye-websocket (0.4.7)
      eventmachine (>= 0.12.0)
    ffi (1.9.8)
    fssm (0.2.10)
    gibbon (1.1.4)
      httparty
      multi_json (>= 1.3.4)
    google-api-client (0.7.0)
      addressable (>= 2.3.2)
      autoparse (>= 0.3.3)
      extlib (>= 0.9.15)
      faraday (>= 0.9.0)
      jwt (>= 0.1.5)
      launchy (>= 2.1.1)
      multi_json (>= 1.0.0)
      signet (>= 0.5.0)
      uuidtools (>= 2.1.0)
    hashie (3.4.2)
    hike (1.2.3)
    hiredis (0.6.0)
    http_parser.rb (0.5.3)
    httparty (0.13.5)
      json (~> 1.8)
      multi_xml (>= 0.5.2)
    i18n (0.7.0)
    ice_nine (0.11.1)
    instagram (1.1.3)
      faraday (>= 0.7, < 0.10)
      faraday_middleware (>= 0.8, < 0.10)
      hashie (>= 0.4.0)
      multi_json (~> 1.0, >= 1.0.3)
    journey (1.0.4)
    json (1.8.3)
    jwt (1.5.1)
    kgio (2.9.3)
    launchy (2.4.3)
      addressable (~> 2.3)
    libv8 (3.16.14.7)
    mail (2.5.4)
      mime-types (~> 1.16)
      treetop (~> 1.4.8)
    metaclass (0.0.4)
    mime-types (1.25.1)
    mini_portile (0.6.2)
    mixpanel (4.0.2)
      escape
      json
      rack
    mocha (1.1.0)
      metaclass (~> 0.0.1)
    mono_logger (1.1.0)
    multi_json (1.11.1)
    multi_xml (0.5.5)
    multipart-post (2.0.0)
    nokogiri (1.6.6.2)
      mini_portile (~> 0.6.0)
    oauth (0.4.5)
    oauth-plugin (0.4.0.pre4)
      oauth (>= 0.4.4)
    pg (0.13.2)
    poltergeist (1.0.3)
      capybara (~> 1.1)
      childprocess (~> 0.3)
      faye-websocket (~> 0.4.4)
      http_parser.rb (~> 0.5.3)
      multi_json (~> 1.0)
    polyglot (0.3.5)
    rack (1.4.7)
    rack-cache (1.2)
      rack (>= 0.4)
    rack-protection (1.5.3)
      rack
    rack-ssl (1.3.4)
      rack
    rack-test (0.6.2)
      rack (>= 1.0)
    rails (3.2.20)
      actionmailer (= 3.2.20)
      actionpack (= 3.2.20)
      activerecord (= 3.2.20)
      activeresource (= 3.2.20)
      activesupport (= 3.2.20)
      bundler (~> 1.0)
      railties (= 3.2.20)
    rails_warden (0.5.8)
      warden (>= 1.0.0)
    railties (3.2.20)
      actionpack (= 3.2.20)
      activesupport (= 3.2.20)
      rack-ssl (~> 1.3.2)
      rake (>= 0.8.7)
      rdoc (~> 3.4)
      thor (>= 0.14.6, < 2.0)
    raindrops (0.12.0)
    rake (0.9.2.2)
    rb-readline (0.5.3)
    rdoc (3.12.2)
      json (~> 1.4)
    redcarpet (3.2.2)
    redis (3.2.1)
    redis-namespace (1.5.2)
      redis (~> 3.0, >= 3.0.4)
    ref (1.0.5)
    request_store (1.1.0)
    resque (1.25.2)
      mono_logger (~> 1.0)
      multi_json (~> 1.0)
      redis-namespace (~> 1.3)
      sinatra (>= 0.9.2)
      vegas (~> 0.1.2)
    resque-metrics (0.1.1)
      resque (~> 1.19)
    retriable (1.4.1)
    rollbar (0.12.14)
      multi_json (~> 1.3)
    roo (1.13.2)
      nokogiri
      rubyzip
      spreadsheet (> 0.6.4)
    rspec-core (2.12.2)
    rspec-expectations (2.12.1)
      diff-lcs (~> 1.1.3)
    rspec-mocks (2.12.2)
    rspec-rails (2.12.0)
      actionpack (>= 3.0)
      activesupport (>= 3.0)
      railties (>= 3.0)
      rspec-core (~> 2.12.0)
      rspec-expectations (~> 2.12.0)
      rspec-mocks (~> 2.12.0)
    ruby-ole (1.2.11.8)
    ruby-prof (0.15.1)
    rubyzip (1.1.7)
    sass (3.2.14)
    selenium-webdriver (2.46.2)
      childprocess (~> 0.5)
      multi_json (~> 1.0)
      rubyzip (~> 1.0)
      websocket (~> 1.0)
    sequel (3.42.0)
    sequel_pg (1.6.3)
      pg (>= 0.8.0)
      sequel (>= 3.39.0)
    signet (0.6.1)
      addressable (~> 2.3)
      extlib (~> 0.9)
      faraday (~> 0.9)
      jwt (~> 1.5)
      multi_json (~> 1.10)
    sinatra (1.4.6)
      rack (~> 1.4)
      rack-protection (~> 1.4)
      tilt (>= 1.3, < 3)
    spreadsheet (1.0.3)
      ruby-ole (>= 1.0)
    sprockets (2.2.3)
      hike (~> 1.2)
      multi_json (~> 1.0)
      rack (~> 1.0)
      tilt (~> 1.1, != 1.3.0)
    state_machine (1.1.2)
    statsd-client (0.0.7)
    therubyracer (0.12.1)
      libv8 (~> 3.16.14.0)
      ref
    thin (1.6.3)
      daemons (~> 1.0, >= 1.0.9)
      eventmachine (~> 1.0)
      rack (~> 1.0)
    thor (0.19.1)
    thread_safe (0.3.5)
    tilt (1.4.1)
    treetop (1.4.15)
      polyglot
      polyglot (>= 0.3.1)
    typhoeus (0.6.7)
      ethon (~> 0.6.2)
    tzinfo (0.3.44)
    unicorn (4.8.2)
      kgio (~> 2.6)
      rack
      raindrops (~> 0.7)
    uuidtools (2.1.5)
    vegas (0.1.11)
      rack (>= 1.0.0)
    virtus (1.0.0.beta3)
      axiom-types (~> 0.0.3)
      coercible (~> 0.2)
      descendants_tracker (~> 0.0.1)
      equalizer (~> 0.0.7)
    warden (1.2.3)
      rack (>= 1.0)
    webrick (1.3.1)
    websocket (1.2.2)
    xpath (0.1.4)
      nokogiri (~> 1.3)

PLATFORMS
  ruby

DEPENDENCIES
  activerecord-nulldb-adapter (= 0.3.1)
  activerecord-postgres-array
  activerecord-postgresql-adapter
  addressable (= 2.3.2)
  aequitas (= 0.0.2)
  aws-sdk (= 1.8.5)
  bartt-ssl_requirement (~> 1.4.0)
  capybara (= 1.1.2)
  charlock_holmes (= 0.7.2)
  ci_reporter (= 1.8.4)
  compass (= 0.12.3)
  db-query-matchers (= 0.4.0)
  dbf (= 2.0.6)
  debugger (= 1.6.8)
  delorean
  dropbox-sdk (= 1.6.3)
  ejs (~> 1.1.1)
  em-pg-client (= 0.2.1)
  eventmachine (= 1.0.3)
  execjs (~> 0.4)
  factory_girl_rails (~> 4.0.0)
  faraday (= 0.9.0)
  gibbon (= 1.1.4)
  google-api-client (= 0.7.0)
  hiredis (= 0.6.0)
  instagram (= 1.1.3)
  mixpanel (= 4.0.2)
  mocha (= 1.1.0)
  nokogiri (~> 1.6.6.2)
  oauth (= 0.4.5)
  oauth-plugin (= 0.4.0.pre4)
  pg (= 0.13.2)
  poltergeist (>= 1.0.0)
  rack
  rack-test (= 0.6.2)
  rails (= 3.2.20)
  rails_warden (= 0.5.8)
  raindrops (= 0.12.0)
  rake (= 0.9.2.2)
  rb-readline
  redcarpet (= 3.2.2)
  redis (= 3.2.1)
  request_store (= 1.1.0)
  resque (= 1.25.2)
  resque-metrics (= 0.1.1)
  retriable (= 1.4.1)
  rollbar (= 0.12.14)
  roo (= 1.13.2)
  rspec-rails (= 2.12.0)
  ruby-prof (= 0.15.1)
  selenium-webdriver (>= 2.5.0)
  sequel (= 3.42.0)
  sequel_pg (= 1.6.3)
  state_machine (= 1.1.2)
  statsd-client (= 0.0.7)
  therubyracer (= 0.12.1)
  thin
  typhoeus (= 0.6.7)
  unicorn (= 4.8.2)
  uuidtools (= 2.1.5)
  virtus (= 1.0.0.beta3)
  vizzuality-sequel-rails (= 0.3.7)!
  webrick (= 1.3.1)
