GIT
  remote: https://github.com/Vizzuality/sequel-rails.git
  revision: f61f914b55ff1c3f31a47516f6ffb1fb9409d067
  specs:
    vizzuality-sequel-rails (0.3.7)
      railties (~> 3.2.0)
      sequel (~> 3.28)

GIT
  remote: https://github.com/kuldeepaggarwal/fake_net_ldap.git
  revision: d99f2fcf13b9737a150f869fe9b9fbc0d788aa3f
  branch: fix-responder
  specs:
    fake_net_ldap (0.0.1)
      net-ldap

GEM
  remote: http://rubygems.org/
  specs:
    actionmailer (3.2.22)
      actionpack (= 3.2.22)
      mail (~> 2.5.4)
    actionpack (3.2.22)
      activemodel (= 3.2.22)
      activesupport (= 3.2.22)
      builder (~> 3.0.0)
      erubis (~> 2.7.0)
      journey (~> 1.0.4)
      rack (~> 1.4.5)
      rack-cache (~> 1.2)
      rack-test (~> 0.6.1)
      sprockets (~> 2.2.1)
    activemodel (3.2.22)
      activesupport (= 3.2.22)
      builder (~> 3.0.0)
    activerecord (3.2.22)
      activemodel (= 3.2.22)
      activesupport (= 3.2.22)
      arel (~> 3.0.2)
      tzinfo (~> 0.3.29)
    activerecord-nulldb-adapter (0.3.1)
      activerecord (>= 2.0.0)
    activerecord-postgres-array (0.0.9)
      activerecord
    activerecord-postgresql-adapter (0.0.1)
      pg
    activeresource (3.2.22)
      activemodel (= 3.2.22)
      activesupport (= 3.2.22)
    activesupport (3.2.22)
      i18n (~> 0.6, >= 0.6.4)
      multi_json (~> 1.0)
    addressable (2.3.2)
    analytics-ruby (2.0.13)
    arel (3.0.3)
    autoparse (0.3.3)
      addressable (>= 2.3.1)
      extlib (>= 0.9.15)
      multi_json (>= 1.0.0)
    aws-sdk (1.8.5)
      json (~> 1.4)
      nokogiri (>= 1.4.4)
      uuidtools (~> 2.1)
    axiom-types (0.1.1)
      descendants_tracker (~> 0.0.4)
      ice_nine (~> 0.11.0)
      thread_safe (~> 0.3, >= 0.3.1)
    bartt-ssl_requirement (1.4.2)
    builder (3.0.4)
    byebug (8.2.2)
    capybara (1.1.2)
      mime-types (>= 1.16)
      nokogiri (>= 1.3.3)
      rack (>= 1.0.0)
      rack-test (>= 0.5.4)
      selenium-webdriver (~> 2.0)
      xpath (~> 0.1.4)
    charlock_holmes (0.7.2)
    childprocess (0.5.9)
      ffi (~> 1.0, >= 1.0.11)
    chronic (0.10.2)
    chunky_png (1.3.5)
    ci_reporter (1.8.4)
      builder (>= 2.1.2)
    coercible (1.0.0)
      descendants_tracker (~> 0.0.1)
    compass (1.0.3)
      chunky_png (~> 1.2)
      compass-core (~> 1.0.2)
      compass-import-once (~> 1.0.5)
      rb-fsevent (>= 0.9.3)
      rb-inotify (>= 0.9)
      sass (>= 3.3.13, < 3.5)
    compass-core (1.0.3)
      multi_json (~> 1.0)
      sass (>= 3.3.0, < 3.5)
    compass-import-once (1.0.5)
      sass (>= 3.2, < 3.5)
    daemons (1.2.3)
    db-query-matchers (0.4.0)
    dbf (2.0.6)
      fastercsv (~> 1.5.4)
    delorean (2.1.0)
      chronic
    descendants_tracker (0.0.4)
      thread_safe (~> 0.3, >= 0.3.1)
    diff-lcs (1.1.3)
    docile (1.1.5)
    dropbox-sdk (1.6.3)
      json
    ejs (1.1.1)
    em-pg-client (0.2.1)
      eventmachine (>= 0.12.10)
      pg (>= 0.13.2)
    equalizer (0.0.11)
    erubis (2.7.0)
    ethon (0.8.1)
      ffi (>= 1.3.0)
    eventmachine (1.0.4)
    execjs (0.4.0)
      multi_json (~> 1.0)
    extlib (0.9.16)
    factory_girl (4.0.0)
      activesupport (>= 3.0.0)
    factory_girl_rails (4.0.0)
      factory_girl (~> 4.0.0)
      railties (>= 3.0.0)
    faraday (0.9.0)
      multipart-post (>= 1.2, < 3)
    faraday_middleware (0.9.2)
      faraday (>= 0.7.4, < 0.10)
    fastercsv (1.5.5)
    faye-websocket (0.4.7)
      eventmachine (>= 0.12.0)
    ffi (1.9.10)
    gc_tracer (1.5.1)
    get_process_mem (0.2.0)
    gibbon (1.1.4)
      httparty
      multi_json (>= 1.3.4)
    google-api-client (0.7.0)
      addressable (>= 2.3.2)
      autoparse (>= 0.3.3)
      extlib (>= 0.9.15)
      faraday (>= 0.9.0)
      jwt (>= 0.1.5)
      launchy (>= 2.1.1)
      multi_json (>= 1.0.0)
      signet (>= 0.5.0)
      uuidtools (>= 2.1.0)
    hashie (3.4.3)
    hike (1.2.3)
    hiredis (0.6.1)
    http_parser.rb (0.5.3)
    httparty (0.13.7)
      json (~> 1.8)
      multi_xml (>= 0.5.2)
    i18n (0.7.0)
    ice_nine (0.11.2)
    instagram (1.1.6)
      faraday (>= 0.7, < 0.10)
      faraday_middleware (>= 0.8, < 0.10)
      hashie (>= 0.4.0)
      multi_json (~> 1.0, >= 1.0.3)
    journey (1.0.4)
    json (1.8.3)
    json-schema (2.0.0)
    jwt (1.5.4)
    kgio (2.10.0)
    launchy (2.4.3)
      addressable (~> 2.3)
    mail (2.5.4)
      mime-types (~> 1.16)
      treetop (~> 1.4.8)
    memory_profiler (0.9.6)
    metaclass (0.0.4)
    mime-types (1.25.1)
    mini_portile (0.6.2)
    mocha (1.1.0)
      metaclass (~> 0.0.1)
    mock_redis (0.16.0)
    mono_logger (1.1.0)
    msgpack (0.7.4)
    multi_json (1.11.2)
    multi_xml (0.5.5)
    multipart-post (2.0.0)
    net-ldap (0.11)
    nokogiri (1.6.6.4)
      mini_portile (~> 0.6.0)
    oauth (0.4.5)
    oauth-plugin (0.4.0.pre4)
      oauth (>= 0.4.4)
    pg (0.15.0)
    poltergeist (1.0.3)
      capybara (~> 1.1)
      childprocess (~> 0.3)
      faye-websocket (~> 0.4.4)
      http_parser.rb (~> 0.5.3)
      multi_json (~> 1.0)
    polyglot (0.3.5)
    power_assert (0.2.7)
    rack (1.4.7)
    rack-cache (1.6.1)
      rack (>= 0.4)
    rack-protection (1.5.3)
      rack
    rack-ssl (1.3.4)
      rack
    rack-test (0.6.2)
      rack (>= 1.0)
    rails (3.2.22)
      actionmailer (= 3.2.22)
      actionpack (= 3.2.22)
      activerecord (= 3.2.22)
      activeresource (= 3.2.22)
      activesupport (= 3.2.22)
      bundler (~> 1.0)
      railties (= 3.2.22)
    rails_warden (0.5.8)
      warden (>= 1.0.0)
    railties (3.2.22)
      actionpack (= 3.2.22)
      activesupport (= 3.2.22)
      rack-ssl (~> 1.3.2)
      rake (>= 0.8.7)
      rdoc (~> 3.4)
      thor (>= 0.14.6, < 2.0)
    raindrops (0.15.0)
    rake (0.9.2.2)
    rb-fsevent (0.9.7)
    rb-inotify (0.9.7)
      ffi (>= 0.5.0)
    rb-readline (0.5.3)
    rbtrace (0.4.8)
      ffi (>= 1.0.6)
      msgpack (>= 0.4.3)
      trollop (>= 1.16.2)
    rdoc (3.12.2)
      json (~> 1.4)
    redcarpet (3.3.3)
    redis (3.3.0)
    redis-namespace (1.5.2)
      redis (~> 3.0, >= 3.0.4)
    request_store (1.1.0)
    resque (1.25.2)
      mono_logger (~> 1.0)
      multi_json (~> 1.0)
      redis-namespace (~> 1.3)
      sinatra (>= 0.9.2)
      vegas (~> 0.1.2)
    resque-metrics (0.1.1)
      resque (~> 1.19)
    retriable (1.4.1)
    rollbar (2.11.1)
      multi_json
    roo (1.13.2)
      nokogiri
      rubyzip
      spreadsheet (> 0.6.4)
    rspec-core (2.12.2)
    rspec-expectations (2.12.1)
      diff-lcs (~> 1.1.3)
    rspec-mocks (2.12.2)
    rspec-rails (2.12.0)
      actionpack (>= 3.0)
      activesupport (>= 3.0)
      railties (>= 3.0)
      rspec-core (~> 2.12.0)
      rspec-expectations (~> 2.12.0)
      rspec-mocks (~> 2.12.0)
    ruby-ole (1.2.12)
    ruby-prof (0.15.1)
    ruby-saml (1.4.1)
      nokogiri (>= 1.5.10)
    rubyzip (1.2.0)
    sass (3.4.21)
    selenium-webdriver (2.52.0)
      childprocess (~> 0.5)
      multi_json (~> 1.0)
      rubyzip (~> 1.0)
      websocket (~> 1.0)
    sequel (3.42.0)
    sequel_pg (1.6.3)
      pg (>= 0.8.0)
      sequel (>= 3.39.0)
    signet (0.7.2)
      addressable (~> 2.3)
      faraday (~> 0.9)
      jwt (~> 1.5)
      multi_json (~> 1.10)
    simplecov (0.11.2)
      docile (~> 1.1.0)
      json (~> 1.8)
      simplecov-html (~> 0.10.0)
    simplecov-html (0.10.0)
    simplecov-json (0.2)
      json
      simplecov
    simplecov-rcov (0.2.3)
      simplecov (>= 0.4.1)
    sinatra (1.4.6)
      rack (~> 1.4)
      rack-protection (~> 1.4)
      tilt (>= 1.3, < 3)
    spreadsheet (1.1.1)
      ruby-ole (>= 1.0)
    sprockets (2.2.3)
      hike (~> 1.2)
      multi_json (~> 1.0)
      rack (~> 1.0)
      tilt (~> 1.1, != 1.3.0)
    state_machine (1.1.2)
    statsd-client (0.0.7)
    test-unit (3.1.7)
      power_assert
    thin (1.6.4)
      daemons (~> 1.0, >= 1.0.9)
      eventmachine (~> 1.0, >= 1.0.4)
      rack (~> 1.0)
    thor (0.19.1)
    thread_safe (0.3.5)
    tilt (1.4.1)
    treetop (1.4.15)
      polyglot
      polyglot (>= 0.3.1)
    trollop (2.1.2)
    typhoeus (0.7.2)
      ethon (>= 0.7.4)
    tzinfo (0.3.46)
    unicorn (4.8.2)
      kgio (~> 2.6)
      rack
      raindrops (~> 0.7)
    unicorn-worker-killer (0.4.4)
      get_process_mem (~> 0)
      unicorn (>= 4, < 6)
    uuidtools (2.1.5)
    vegas (0.1.11)
      rack (>= 1.0.0)
    virtus (1.0.5)
      axiom-types (~> 0.1)
      coercible (~> 1.0)
      descendants_tracker (~> 0.0, >= 0.0.3)
      equalizer (~> 0.0, >= 0.0.9)
    warden (1.2.6)
      rack (>= 1.0)
    webrick (1.3.1)
    websocket (1.2.2)
    xpath (0.1.4)
      nokogiri (~> 1.3)

PLATFORMS
  ruby

DEPENDENCIES
  activerecord-nulldb-adapter (= 0.3.1)
  activerecord-postgres-array (= 0.0.9)
  activerecord-postgresql-adapter
  addressable (= 2.3.2)
  analytics-ruby (~> 2.0.0)
  aws-sdk (= 1.8.5)
  bartt-ssl_requirement (~> 1.4.0)
  byebug
  capybara (= 1.1.2)
  charlock_holmes (= 0.7.2)
  ci_reporter (= 1.8.4)
  compass (= 1.0.3)
  db-query-matchers (= 0.4.0)
  dbf (= 2.0.6)
  delorean
  dropbox-sdk (= 1.6.3)
  ejs (~> 1.1.1)
  em-pg-client (= 0.2.1)
  eventmachine (= 1.0.4)
  execjs (~> 0.4)
  factory_girl_rails (~> 4.0.0)
  fake_net_ldap!
  faraday (= 0.9.0)
  gc_tracer (= 1.5.1)
  gibbon (= 1.1.4)
  google-api-client (= 0.7.0)
  hiredis (= 0.6.1)
  instagram (= 1.1.6)
  json-schema (= 2.0.0)
  memory_profiler
  mocha (= 1.1.0)
  mock_redis
  net-ldap (= 0.11)
  nokogiri (~> 1.6.6.2)
  oauth (= 0.4.5)
  oauth-plugin (= 0.4.0.pre4)
  pg (= 0.15.0)
  poltergeist (>= 1.0.0)
  rack
  rack-test (= 0.6.2)
  rails (= 3.2.22)
  rails_warden (= 0.5.8)
  raindrops (= 0.15.0)
  rake (= 0.9.2.2)
  rb-readline
  rbtrace (= 0.4.8)
  redcarpet (= 3.3.3)
  redis (= 3.3.0)
  request_store (= 1.1.0)
  resque (= 1.25.2)
  resque-metrics (= 0.1.1)
  retriable (= 1.4.1)
  rollbar (~> 2.11.1)
  roo (= 1.13.2)
  rspec-rails (= 2.12.0)
  ruby-prof (= 0.15.1)
  ruby-saml (= 1.4.1)
  selenium-webdriver (>= 2.5.0)
  sequel (= 3.42.0)
  sequel_pg (= 1.6.3)
  simplecov
  simplecov-json
  simplecov-rcov
  state_machine (= 1.1.2)
  statsd-client (= 0.0.7)
  test-unit
  thin
  typhoeus (= 0.7.2)
  unicorn (= 4.8.2)
  unicorn-worker-killer
  uuidtools (= 2.1.5)
  virtus (= 1.0.5)
  vizzuality-sequel-rails (= 0.3.7)!
  webrick (= 1.3.1)

BUNDLED WITH
   1.11.2
