GIT
  remote: https://github.com/Vizzuality/sequel-rails.git
  revision: 09ad75f865bfd488da5712ffacc62ba4503530ab
  specs:
    vizzuality-sequel-rails (0.3.6)
      railties (~> 3.2.0)
      sequel (~> 3.28)

GIT
  remote: https://github.com/josh/mustache-trimmer.git
  revision: b67722e3eb8d35238c14f7910981cdc0cdc033a2
  specs:
    mustache-trimmer (0.2.0)
      mustache (~> 0.99.4)

GEM
  remote: http://rubygems.org/
  specs:
    actionmailer (3.2.2)
      actionpack (= 3.2.2)
      mail (~> 2.4.0)
    actionpack (3.2.2)
      activemodel (= 3.2.2)
      activesupport (= 3.2.2)
      builder (~> 3.0.0)
      erubis (~> 2.7.0)
      journey (~> 1.0.1)
      rack (~> 1.4.0)
      rack-cache (~> 1.1)
      rack-test (~> 0.6.1)
      sprockets (~> 2.1.2)
    activemodel (3.2.2)
      activesupport (= 3.2.2)
      builder (~> 3.0.0)
    activerecord (3.2.2)
      activemodel (= 3.2.2)
      activesupport (= 3.2.2)
      arel (~> 3.0.2)
      tzinfo (~> 0.3.29)
    activeresource (3.2.2)
      activemodel (= 3.2.2)
      activesupport (= 3.2.2)
    activesupport (3.2.2)
      i18n (~> 0.6)
      multi_json (~> 1.0)
    addressable (2.2.8)
    aequitas (0.0.2)
    airbrake (3.1.6)
      builder
      girl_friday
    arel (3.0.2)
    aws-sdk (1.5.2)
      httparty (~> 0.7)
      json (~> 1.4)
      nokogiri (>= 1.4.4)
      uuidtools (~> 2.1)
    backports (2.6.7)
    bartt-ssl_requirement (1.4.2)
    builder (3.0.0)
    capybara (1.1.2)
      mime-types (>= 1.16)
      nokogiri (>= 1.3.3)
      rack (>= 1.0.0)
      rack-test (>= 0.5.4)
      selenium-webdriver (~> 2.0)
      xpath (~> 0.1.4)
    childprocess (0.3.8)
      ffi (~> 1.0, >= 1.0.11)
    choice (0.1.6)
    chunky_png (1.2.7)
    coderay (1.0.8)
    columnize (0.3.6)
    compass (0.12.2)
      chunky_png (~> 1.2)
      fssm (>= 0.2.7)
      sass (~> 3.1)
    compass-rails (1.0.3)
      compass (>= 0.12.2, < 0.14)
    connection_pool (1.0.0)
    debugger (1.3.0)
      columnize (>= 0.3.1)
      debugger-linecache (~> 1.1.1)
      debugger-ruby_core_source (~> 1.1.7)
    debugger-linecache (1.1.2)
      debugger-ruby_core_source (>= 1.1.1)
    debugger-ruby_core_source (1.1.8)
    descendants_tracker (0.0.1)
    diff-lcs (1.1.3)
    ejs (1.1.1)
    email_spec (1.2.1)
      mail (~> 2.2)
      rspec (~> 2.0)
    erubis (2.7.0)
    eventmachine (1.0.0)
    execjs (1.4.0)
      multi_json (~> 1.0)
    factory_girl (4.0.0)
      activesupport (>= 3.0.0)
    factory_girl_rails (4.0.0)
      factory_girl (~> 4.0.0)
      railties (>= 3.0.0)
    faraday (0.8.5)
      multipart-post (~> 1.1)
    faye-websocket (0.4.6)
      eventmachine (>= 0.12.0)
    ffi (1.3.1)
    foreman (0.46.0)
      thor (>= 0.13.6)
    fssm (0.2.10)
    girl_friday (0.11.2)
      connection_pool (~> 1.0)
      rubinius-actor
    google-spreadsheet-ruby (0.1.8)
      nokogiri (>= 1.4.3.1)
      oauth (>= 0.3.6)
      oauth2 (>= 0.5.0)
    guard (1.6.2)
      listen (>= 0.6.0)
      lumberjack (>= 1.0.2)
      pry (>= 0.9.10)
      terminal-table (>= 1.4.3)
      thor (>= 0.14.6)
    guard-minitest (0.5.0)
      guard (>= 0.4)
    hike (1.2.1)
    htmlentities (4.3.1)
    http_parser.rb (0.5.3)
    httparty (0.10.2)
      multi_json (~> 1.0)
      multi_xml (>= 0.5.2)
    httpauth (0.2.0)
    i18n (0.6.1)
    journey (1.0.4)
    json (1.7.7)
    jwt (0.1.5)
      multi_json (>= 1.0)
    launchy (2.1.0)
      addressable (~> 2.2.6)
    libv8 (3.3.10.4)
    listen (0.7.2)
    log4r (1.1.10)
    lumberjack (1.0.2)
    mail (2.4.4)
      i18n (>= 0.4.0)
      mime-types (~> 1.16)
      treetop (~> 1.4.8)
    metaclass (0.0.1)
    method_source (0.8.1)
    mime-types (1.21)
    minitest (2.0.2)
    mocha (0.10.5)
      metaclass (~> 0.0.1)
    multi_json (1.6.0)
    multi_xml (0.5.3)
    multipart-post (1.1.5)
    mustache (0.99.4)
    nokogiri (1.5.3)
    oauth (0.4.5)
    oauth-plugin (0.4.0.pre4)
      oauth (>= 0.4.4)
    oauth2 (0.9.0)
      faraday (~> 0.8)
      httpauth (~> 0.1)
      jwt (~> 0.1.4)
      multi_json (~> 1.0)
      multi_xml (~> 0.5)
      rack (~> 1.2)
    oily_png (1.0.3)
      chunky_png (~> 1.2.1)
    pg (0.11.0)
    poltergeist (1.0.2)
      capybara (~> 1.1)
      childprocess (~> 0.3)
      faye-websocket (~> 0.4, >= 0.4.4)
      http_parser.rb (~> 0.5.3)
      multi_json (~> 1.0)
    polyglot (0.3.3)
    pry (0.9.12)
      coderay (~> 1.0.5)
      method_source (~> 0.8)
      slop (~> 3.4)
    rack (1.4.1)
    rack-cache (1.2)
      rack (>= 0.4)
    rack-protection (1.3.2)
      rack
    rack-reverse-proxy (0.4.4)
      rack (>= 1.0.0)
    rack-ssl (1.3.3)
      rack
    rack-test (0.6.2)
      rack (>= 1.0)
    rails (3.2.2)
      actionmailer (= 3.2.2)
      actionpack (= 3.2.2)
      activerecord (= 3.2.2)
      activeresource (= 3.2.2)
      activesupport (= 3.2.2)
      bundler (~> 1.0)
      railties (= 3.2.2)
    rails_warden (0.5.2)
      warden
    railties (3.2.2)
      actionpack (= 3.2.2)
      activesupport (= 3.2.2)
      rack-ssl (~> 1.3.2)
      rake (>= 0.8.7)
      rdoc (~> 3.4)
      thor (~> 0.14.6)
    rake (0.9.2.2)
    rb-fchange (0.0.6)
      ffi
    rb-fsevent (0.9.3)
    rb-inotify (0.8.8)
      ffi (>= 0.5.0)
    rchardet19 (1.3.5)
    rdoc (3.12.1)
      json (~> 1.4)
    redis (2.2.2)
    redis-namespace (1.1.0)
      redis (< 3.0.0)
    resque (1.23.0)
      multi_json (~> 1.0)
      redis-namespace (~> 1.0)
      sinatra (>= 0.9.2)
      vegas (~> 0.1.2)
    resque-job-tracking (0.0.4)
      resque (>= 1.8.0)
      resque-meta (>= 1.0.0)
    resque-meta (1.0.3)
      resque (~> 1.8)
    rgeo (0.3.2)
    rgeo-geojson (0.2.1)
      rgeo (>= 0.2.8)
    roo (1.9.7)
      choice (>= 0.1.4)
      google-spreadsheet-ruby (>= 0.1.5)
      nokogiri (>= 1.5.0)
      spreadsheet (> 0.6.4)
      todonotes (>= 0.1.0)
    rspec (2.10.0)
      rspec-core (~> 2.10.0)
      rspec-expectations (~> 2.10.0)
      rspec-mocks (~> 2.10.0)
    rspec-core (2.10.1)
    rspec-expectations (2.10.0)
      diff-lcs (~> 1.1.3)
    rspec-mocks (2.10.1)
    rspec-rails (2.10.1)
      actionpack (>= 3.0)
      activesupport (>= 3.0)
      railties (>= 3.0)
      rspec (~> 2.10.0)
    rubinius-actor (0.0.2)
      rubinius-core-api
    rubinius-core-api (0.0.1)
    ruby-ole (1.2.11.3)
    rubyzip (0.9.9)
    sass (3.2.5)
    sass-rails (3.2.6)
      railties (~> 3.2.0)
      sass (>= 3.1.10)
      tilt (~> 1.3)
    selenium-webdriver (2.29.0)
      childprocess (>= 0.2.5)
      multi_json (~> 1.0)
      rubyzip
      websocket (~> 1.0.4)
    sequel (3.42.0)
    sequel_pg (1.6.3)
      pg (>= 0.8.0)
      sequel (>= 3.39.0)
    simplecov (0.7.1)
      multi_json (~> 1.0)
      simplecov-html (~> 0.7.1)
    simplecov-html (0.7.1)
    sinatra (1.3.4)
      rack (~> 1.4)
      rack-protection (~> 1.3)
      tilt (~> 1.3, >= 1.3.3)
    slop (3.4.3)
    spin (0.5.3)
    spreadsheet (0.6.5.9)
      ruby-ole (>= 1.0)
    sprockets (2.1.3)
      hike (~> 1.2)
      rack (~> 1.0)
      tilt (~> 1.1, != 1.3.0)
    state_machine (1.1.2)
    statsd-client (0.0.7)
    steak (2.0.0)
      capybara (>= 1.0.0)
      rspec-rails (>= 2.5.0)
    terminal-table (1.4.5)
    therubyracer (0.9.10)
      libv8 (~> 3.3.10)
    thor (0.14.6)
    tilt (1.3.3)
    timecop (0.3.5)
    todonotes (0.1.1)
      log4r
    treetop (1.4.12)
      polyglot
      polyglot (>= 0.3.1)
    turbo-sprockets-rails3 (0.1.16)
      railties (>= 3.1.0)
      sprockets (>= 2.0.0)
    tzinfo (0.3.35)
    uglifier (1.3.0)
      execjs (>= 0.3.0)
      multi_json (~> 1.0, >= 1.0.2)
    uuidtools (2.1.3)
    vegas (0.1.11)
      rack (>= 1.0.0)
    virtus (0.5.4)
      backports (~> 2.6.1)
      descendants_tracker (~> 0.0.1)
    warden (1.2.1)
      rack (>= 1.0)
    websocket (1.0.7)
    xpath (0.1.4)
      nokogiri (~> 1.3)
    yajl-ruby (1.1.0)

PLATFORMS
  ruby

DEPENDENCIES
  addressable (= 2.2.8)
  aequitas
  airbrake (= 3.1.6)
  aws-sdk (= 1.5.2)
  bartt-ssl_requirement (~> 1.4.0)
  builder (= 3.0.0)
  capybara (= 1.1.2)
  chunky_png (~> 1.2.6)
  compass (~> 0.12.1)
  compass-rails (~> 1.0.1)
  debugger (= 1.3.0)
  ejs (~> 1.1.1)
  email_spec (= 1.2.1)
  factory_girl_rails (~> 4.0.0)
  foreman (= 0.46.0)
  google-spreadsheet-ruby (= 0.1.8)
  guard
  guard-minitest
  htmlentities (= 4.3.1)
  launchy (= 2.1.0)
  minitest (= 2.0.2)
  mocha (= 0.10.5)
  mustache-trimmer!
  nokogiri (= 1.5.3)
  oauth (= 0.4.5)
  oauth-plugin (= 0.4.0.pre4)
  oily_png (~> 1.0.2)
  pg (= 0.11)
  poltergeist (>= 1.0.0)
  rack (= 1.4.1)
  rack-reverse-proxy (= 0.4.4)
  rack-test
  rails (= 3.2.2)
  rails_warden (= 0.5.2)
  rake (= 0.9.2.2)
  rb-fchange
  rb-fsevent
  rb-inotify (~> 0.8.8)
  rchardet19 (= 1.3.5)
  redis (= 2.2.2)
  resque (= 1.23.0)
  resque-job-tracking (= 0.0.4)
  resque-meta (= 1.0.3)
  rgeo (= 0.3.2)
  rgeo-geojson (= 0.2.1)
  roo (= 1.9.7)
  rspec-rails (= 2.10.1)
  ruby-ole (= 1.2.11.3)
  rubyzip (= 0.9.9)
  sass-rails (~> 3.2.3)
  selenium-webdriver (>= 2.5.0)
  sequel (= 3.42.0)
  sequel_pg (= 1.6.3)
  simplecov (= 0.7.1)
  spin (= 0.5.3)
  spreadsheet (= 0.6.5.9)
  state_machine (= 1.1.2)
  statsd-client (= 0.0.7)
  steak (= 2.0.0)
  therubyracer (~> 0.9.10)
  timecop (= 0.3.5)
  turbo-sprockets-rails3 (= 0.1.16)
  uglifier (~> 1.3.0)
  uuidtools
  virtus
  vizzuality-sequel-rails (= 0.3.6)!
  yajl-ruby (= 1.1.0)
